PATH
  remote: .
  specs:
    faker (0.9.5)
      i18n (~> 0.4)

GEM
  remote: http://rubygems.org/
  specs:
    RedCloth (4.2.7)
    activesupport (2.3.11)
    hoe (2.9.1)
      rake (>= 0.8.7)
    i18n (0.5.0)
    newgem (1.5.3)
      RedCloth (>= 4.1.1)
      activesupport (~> 2.3.4)
      hoe (>= 2.4.0)
      rubigen (>= 1.5.3)
      syntax (>= 1.0.0)
    rake (0.8.7)
    rubigen (1.5.6)
      activesupport (>= 2.3.5)
      i18n
    syntax (1.0.0)

PLATFORMS
  ruby

DEPENDENCIES
  RedCloth
  faker!
  newgem
